GEM
  remote: http://rubygems.org/
  specs:
    timecop (0.9.1)

PLATFORMS
  ruby

DEPENDENCIES
  timecop

RUBY VERSION
   ruby 2.5.1p57

BUNDLED WITH
   1.16.4
